GEM
  remote: https://rubygems.org/
  specs:
    addressable (2.3.6)
    haml (4.0.5)
      tilt
    hike (1.2.3)
    kgio (2.9.2)
    multi_json (1.9.2)
    newrelic_rpm (3.7.3.204)
    rack (1.5.2)
    rack-flash3 (1.0.5)
      rack
    rack-protection (1.5.3)
      rack
    rack-ssl-enforcer (0.2.6)
    rack-timeout (0.0.4)
    rainbows (4.6.1)
      kgio (~> 2.5)
      rack (~> 1.1)
      unicorn (~> 4.8)
    raindrops (0.13.0)
    rdiscount (2.1.7.1)
    sinatra (1.4.5)
      rack (~> 1.4)
      rack-protection (~> 1.4)
      tilt (~> 1.3, >= 1.3.4)
    sprockets (2.12.1)
      hike (~> 1.2)
      multi_json (~> 1.0)
      rack (~> 1.0)
      tilt (~> 1.1, != 1.3.0)
    tilt (1.4.1)
    unicorn (4.8.2)
      kgio (~> 2.6)
      rack
      raindrops (~> 0.7)

PLATFORMS
  ruby

DEPENDENCIES
  addressable
  haml
  newrelic_rpm
  rack
  rack-flash3
  rack-ssl-enforcer
  rack-timeout
  rainbows
  rdiscount
  sinatra
  sprockets (~> 2.0)
