GEM
  remote: https://rubygems.org/
  specs:
    addressable (2.5.2)
      public_suffix (>= 2.0.2, < 4.0)
    backports (3.8.0)
    concurrent-ruby (1.0.5)
    haml (5.0.2)
      temple (>= 0.8.0)
      tilt
    kgio (2.11.0)
    multi_json (1.12.1)
    mustermann (1.0.0)
    newrelic_rpm (4.3.0.335)
    public_suffix (3.0.0)
    rack (2.0.3)
    rack-flash3 (1.0.5)
      rack
    rack-protection (2.0.0)
      rack
    rack-ssl-enforcer (0.2.9)
    rack-timeout (0.4.2)
    rainbows (5.1.1)
      kgio (~> 2.5)
      rack (>= 1.1, < 3.0)
      unicorn (~> 5.1)
    raindrops (0.19.0)
    rdiscount (2.2.0.1)
    sinatra (2.0.0)
      mustermann (~> 1.0)
      rack (~> 2.0)
      rack-protection (= 2.0.0)
      tilt (~> 2.0)
    sinatra-contrib (2.0.0)
      backports (>= 2.0)
      multi_json
      mustermann (~> 1.0)
      rack-protection (= 2.0.0)
      sinatra (= 2.0.0)
      tilt (>= 1.3, < 3)
    sprockets (3.7.1)
      concurrent-ruby (~> 1.0)
      rack (> 1, < 3)
    temple (0.8.0)
    tilt (2.0.8)
    unicorn (5.3.0)
      kgio (~> 2.6)
      raindrops (~> 0.7)

PLATFORMS
  ruby

DEPENDENCIES
  addressable
  haml (~> 5.0, >= 5.0.1)
  newrelic_rpm
  rack
  rack-flash3
  rack-ssl-enforcer
  rack-timeout
  rainbows
  rdiscount
  sinatra
  sinatra-contrib
  sprockets (~> 3.0)

RUBY VERSION
   ruby 2.4.1p111

BUNDLED WITH
   1.14.6
