GEM
  remote: https://rubygems.org/
  specs:
    addressable (2.5.0)
      public_suffix (~> 2.0, >= 2.0.2)
    backports (3.6.8)
    concurrent-ruby (1.0.4)
    haml (4.0.7)
      tilt
    kgio (2.11.0)
    multi_json (1.12.1)
    newrelic_rpm (3.18.1.330)
    public_suffix (2.0.5)
    rack (1.6.5)
    rack-flash3 (1.0.5)
      rack
    rack-protection (1.5.3)
      rack
    rack-ssl-enforcer (0.2.9)
    rack-test (0.6.3)
      rack (>= 1.0)
    rack-timeout (0.4.2)
    rainbows (5.1.0)
      kgio (~> 2.5)
      rack (>= 1.1, < 3.0)
      unicorn (~> 5.1)
    raindrops (0.17.0)
    rdiscount (2.2.0.1)
    sinatra (1.4.8)
      rack (~> 1.5)
      rack-protection (~> 1.4)
      tilt (>= 1.3, < 3)
    sinatra-contrib (1.4.7)
      backports (>= 2.0)
      multi_json
      rack-protection
      rack-test
      sinatra (~> 1.4.0)
      tilt (>= 1.3, < 3)
    sprockets (3.7.1)
      concurrent-ruby (~> 1.0)
      rack (> 1, < 3)
    tilt (2.0.6)
    unicorn (5.2.0)
      kgio (~> 2.6)
      raindrops (~> 0.7)

PLATFORMS
  ruby

DEPENDENCIES
  addressable
  haml
  newrelic_rpm
  rack
  rack-flash3
  rack-ssl-enforcer
  rack-timeout
  rainbows
  rdiscount
  sinatra
  sinatra-contrib
  sprockets (~> 3.0)

RUBY VERSION
   ruby 2.3.3p222

BUNDLED WITH
   1.14.4
