GEM
  remote: https://rubygems.org/
  specs:
    haml (4.0.4)
      tilt
    kgio (2.8.1)
    rack (1.5.2)
    rack-protection (1.5.1)
      rack
    rack-ssl-enforcer (0.2.6)
    rainbows (4.5.0)
      kgio (~> 2.5)
      rack (~> 1.1)
      unicorn (~> 4.6, >= 4.6.2)
    raindrops (0.12.0)
    rdiscount (2.1.7)
    sinatra (1.4.4)
      rack (~> 1.4)
      rack-protection (~> 1.4)
      tilt (~> 1.3, >= 1.3.4)
    tilt (1.4.1)
    unicorn (4.7.0)
      kgio (~> 2.6)
      rack
      raindrops (~> 0.7)

PLATFORMS
  ruby

DEPENDENCIES
  haml
  rack
  rack-ssl-enforcer
  rainbows
  rdiscount
  sinatra
