GEM
  remote: https://rubygems.org/
  specs:
    addressable (2.3.7)
    haml (4.0.6)
      tilt
    hike (1.2.3)
    kgio (2.9.3)
    multi_json (1.10.1)
    newrelic_rpm (3.10.0.279)
    rack (1.6.0)
    rack-flash3 (1.0.5)
      rack
    rack-protection (1.5.3)
      rack
    rack-ssl-enforcer (0.2.8)
    rack-timeout (0.2.0)
    rainbows (4.6.2)
      kgio (~> 2.5)
      rack (~> 1.1)
      unicorn (~> 4.8)
    raindrops (0.13.0)
    rdiscount (2.1.8)
    sinatra (1.4.5)
      rack (~> 1.4)
      rack-protection (~> 1.4)
      tilt (~> 1.3, >= 1.3.4)
    sprockets (2.12.3)
      hike (~> 1.2)
      multi_json (~> 1.0)
      rack (~> 1.0)
      tilt (~> 1.1, != 1.3.0)
    tilt (1.4.1)
    unicorn (4.8.3)
      kgio (~> 2.6)
      rack
      raindrops (~> 0.7)

PLATFORMS
  ruby

DEPENDENCIES
  addressable
  haml
  newrelic_rpm
  rack
  rack-flash3
  rack-ssl-enforcer
  rack-timeout
  rainbows
  rdiscount
  sinatra
  sprockets (~> 2.0)
