GEM
  remote: https://rubygems.org/
  specs:
    addressable (2.6.0)
      public_suffix (>= 2.0.2, < 4.0)
    backports (3.15.0)
    concurrent-ruby (1.1.5)
    haml (5.1.2)
      temple (>= 0.8.0)
      tilt
    iodine (0.7.33)
    multi_json (1.13.1)
    mustermann (1.0.3)
    newrelic_rpm (6.3.0.355)
    public_suffix (3.1.0)
    rack (2.0.7)
    rack-flash3 (1.0.5)
      rack
    rack-protection (2.0.6)
      rack
    rack-ssl-enforcer (0.2.9)
    rack-timeout (0.5.1)
    rdiscount (2.2.0.1)
    sinatra (2.0.6)
      mustermann (~> 1.0)
      rack (~> 2.0)
      rack-protection (= 2.0.6)
      tilt (~> 2.0)
    sinatra-contrib (2.0.6)
      backports (>= 2.8.2)
      multi_json
      mustermann (~> 1.0)
      rack-protection (= 2.0.6)
      sinatra (= 2.0.6)
      tilt (~> 2.0)
    sprockets (3.7.2)
      concurrent-ruby (~> 1.0)
      rack (> 1, < 3)
    temple (0.8.1)
    tilt (2.0.9)

PLATFORMS
  ruby

DEPENDENCIES
  addressable
  haml (~> 5.1)
  iodine (~> 0.7)
  newrelic_rpm
  rack
  rack-flash3
  rack-ssl-enforcer
  rack-timeout
  rdiscount
  sinatra
  sinatra-contrib
  sprockets (~> 3.0)

RUBY VERSION
   ruby 2.5.3p105

BUNDLED WITH
   1.16.2
