GEM
  remote: https://rubygems.org/
  specs:
    activesupport (5.2.1)
      concurrent-ruby (~> 1.0, >= 1.0.2)
      i18n (>= 0.7, < 2)
      minitest (~> 5.1)
      tzinfo (~> 1.1)
    addressable (2.5.2)
      public_suffix (>= 2.0.2, < 4.0)
    backports (3.11.4)
    concurrent-ruby (1.1.3)
    haml (5.0.4)
      temple (>= 0.8.0)
      tilt
    i18n (1.1.1)
      concurrent-ruby (~> 1.0)
    iodine (0.7.31)
    minitest (5.11.3)
    multi_json (1.13.1)
    mustermann (1.0.3)
    newrelic_rpm (5.5.0.348)
    public_suffix (3.0.3)
    rack (2.0.6)
    rack-flash3 (1.0.5)
      rack
    rack-protection (2.0.4)
      rack
    rack-ssl-enforcer (0.2.9)
    rack-timeout (0.5.1)
    rdiscount (2.2.0.1)
    sinatra (2.0.4)
      mustermann (~> 1.0)
      rack (~> 2.0)
      rack-protection (= 2.0.4)
      tilt (~> 2.0)
    sinatra-contrib (2.0.4)
      activesupport (>= 4.0.0)
      backports (>= 2.8.2)
      multi_json
      mustermann (~> 1.0)
      rack-protection (= 2.0.4)
      sinatra (= 2.0.4)
      tilt (>= 1.3, < 3)
    sprockets (3.7.2)
      concurrent-ruby (~> 1.0)
      rack (> 1, < 3)
    temple (0.8.0)
    thread_safe (0.3.6)
    tilt (2.0.8)
    tzinfo (1.2.5)
      thread_safe (~> 0.1)

PLATFORMS
  ruby

DEPENDENCIES
  addressable
  haml (~> 5.0, >= 5.0.1)
  iodine (~> 0.7)
  newrelic_rpm
  rack
  rack-flash3
  rack-ssl-enforcer
  rack-timeout
  rdiscount
  sinatra
  sinatra-contrib
  sprockets (~> 3.0)

RUBY VERSION
   ruby 2.5.3p105

BUNDLED WITH
   1.16.2
