GEM
  remote: https://rubygems.org/
  specs:
    addressable (2.7.0)
      public_suffix (>= 2.0.2, < 5.0)
    backports (3.15.0)
    concurrent-ruby (1.1.6)
    haml (5.1.2)
      temple (>= 0.8.0)
      tilt
    iodine (0.7.42)
    multi_json (1.14.1)
    mustermann (1.1.0)
      ruby2_keywords (~> 0.0.1)
    newrelic_rpm (6.3.0.355)
    public_suffix (4.0.1)
    rack (2.2.3)
    rack-flash3 (1.0.5)
      rack
    rack-protection (2.0.8.1)
      rack
    rack-ssl-enforcer (0.2.9)
    rack-timeout (0.6.0)
    rdiscount (2.2.0.1)
    ruby2_keywords (0.0.1)
    sinatra (2.0.8.1)
      mustermann (~> 1.0)
      rack (~> 2.0)
      rack-protection (= 2.0.8.1)
      tilt (~> 2.0)
    sinatra-contrib (2.0.8.1)
      backports (>= 2.8.2)
      multi_json
      mustermann (~> 1.0)
      rack-protection (= 2.0.8.1)
      sinatra (= 2.0.8.1)
      tilt (~> 2.0)
    sprockets (4.0.2)
      concurrent-ruby (~> 1.0)
      rack (> 1, < 3)
    temple (0.8.1)
    tilt (2.0.10)

PLATFORMS
  ruby

DEPENDENCIES
  addressable
  haml (~> 5.1)
  iodine (~> 0.7)
  newrelic_rpm
  rack
  rack-flash3
  rack-ssl-enforcer
  rack-timeout
  rdiscount
  sinatra
  sinatra-contrib
  sprockets (~> 4.0)

RUBY VERSION
   ruby 2.5.3p105

BUNDLED WITH
   1.16.2
